GEM
  remote: https://rubygems.org/
  specs:
    rack (1.6.13)
    rack-protection (1.5.5)
      rack
    rake (11.3.0)
    sinatra (1.4.8)
      rack (~> 1.5)
      rack-protection (~> 1.4)
      tilt (>= 1.3, < 3)
    tilt (2.0.8)

PLATFORMS
  ruby

DEPENDENCIES
  rake (~> 11.3)
  sinatra (~> 1.4, >= 1.4.8)

RUBY VERSION
   ruby 1.9.3p551

BUNDLED WITH
   1.17.3
